REDIRECTS: FORCE
RESTRICTION: == net452
NUGET
  remote: https://www.nuget.org/api/v2
    FAKE (4.63.2)
    FSharp.Azure.StorageTypeProvider (1.9.4)
      WindowsAzure.Storage (>= 7.2.1)
    FSharp.Compiler.Service (2.0.0.6)
    FSharp.Core (4.0.0.1)
    FSharp.Formatting (2.14.4)
      FSharp.Compiler.Service (2.0.0.6)
      FSharpVSPowerTools.Core (>= 2.3 < 2.4)
    FSharp.Plotly (1.0.4)
      FSharp.Core
      Newtonsoft.Json
    FSharpVSPowerTools.Core (2.3)
      FSharp.Compiler.Service (>= 2.0.0.3)
    FsReveal (1.3.1)
      FSharp.Formatting (>= 2.11)
    Microsoft.Azure.KeyVault.Core (2.0.4)
    Microsoft.Data.Edm (5.8.3)
    Microsoft.Data.OData (5.8.3)
      Microsoft.Data.Edm (5.8.3)
      System.Spatial (5.8.3)
    Microsoft.Data.Services.Client (5.8.3)
      Microsoft.Data.OData (5.8.3)
    Newtonsoft.Json (10.0.3)
    Suave (1.1.2)
      FSharp.Core (>= 3.1.2.5)
    System.Spatial (5.8.3)
    WindowsAzure.Storage (8.5)
      Microsoft.Azure.KeyVault.Core (>= 1.0)
      Microsoft.Data.OData (>= 5.8.2)
      Microsoft.Data.Services.Client (>= 5.8.2)
      Newtonsoft.Json (>= 6.0.8)
